GEM
  remote: https://rubygems.org/
  specs:
    activesupport (4.2.7)
      i18n (~> 0.7)
      json (~> 1.7, >= 1.7.7)
      minitest (~> 5.1)
      thread_safe (~> 0.3, >= 0.3.4)
      tzinfo (~> 1.1)
    addressable (2.5.0)
      public_suffix (~> 2.0, >= 2.0.2)
    coderay (1.1.1)
    coffee-script (2.4.1)
      coffee-script-source
      execjs
    coffee-script-source (1.12.2)
    colorator (1.1.0)
    colored (1.2)
    em-websocket (0.5.1)
      eventmachine (>= 0.12.9)
      http_parser.rb (~> 0.6.0)
    ethon (0.10.1)
      ffi (>= 1.3.0)
    eventmachine (1.2.1)
    execjs (2.7.0)
    faraday (0.11.0)
      multipart-post (>= 1.2, < 3)
    ffi (1.9.16)
    formatador (0.2.5)
    forwardable-extended (2.6.0)
    gemoji (2.1.0)
    github-pages (117)
      activesupport (= 4.2.7)
      github-pages-health-check (= 1.3.0)
      jekyll (= 3.3.1)
      jekyll-avatar (= 0.4.2)
      jekyll-coffeescript (= 1.0.1)
      jekyll-default-layout (= 0.1.4)
      jekyll-feed (= 0.8.0)
      jekyll-gist (= 1.4.0)
      jekyll-github-metadata (= 2.3.1)
      jekyll-mentions (= 1.2.0)
      jekyll-optional-front-matter (= 0.1.2)
      jekyll-paginate (= 1.1.0)
      jekyll-readme-index (= 0.0.3)
      jekyll-redirect-from (= 0.11.0)
      jekyll-relative-links (= 0.2.1)
      jekyll-sass-converter (= 1.5.0)
      jekyll-seo-tag (= 2.1.0)
      jekyll-sitemap (= 0.12.0)
      jekyll-swiss (= 0.4.0)
      jekyll-theme-architect (= 0.0.3)
      jekyll-theme-cayman (= 0.0.3)
      jekyll-theme-dinky (= 0.0.3)
      jekyll-theme-hacker (= 0.0.3)
      jekyll-theme-leap-day (= 0.0.3)
      jekyll-theme-merlot (= 0.0.3)
      jekyll-theme-midnight (= 0.0.3)
      jekyll-theme-minimal (= 0.0.3)
      jekyll-theme-modernist (= 0.0.3)
      jekyll-theme-primer (= 0.1.7)
      jekyll-theme-slate (= 0.0.3)
      jekyll-theme-tactile (= 0.0.3)
      jekyll-theme-time-machine (= 0.0.3)
      jekyll-titles-from-headings (= 0.1.4)
      jemoji (= 0.7.0)
      kramdown (= 1.11.1)
      liquid (= 3.0.6)
      listen (= 3.0.6)
      mercenary (~> 0.3)
      minima (= 2.0.0)
      nokogiri (= 1.6.8.1)
      rouge (= 1.11.1)
      terminal-table (~> 1.4)
    github-pages-health-check (1.3.0)
      addressable (~> 2.3)
      net-dns (~> 0.8)
      octokit (~> 4.0)
      public_suffix (~> 2.0)
      typhoeus (~> 0.7)
    guard (2.14.0)
      formatador (>= 0.2.4)
      listen (>= 2.7, < 4.0)
      lumberjack (~> 1.0)
      nenv (~> 0.1)
      notiffany (~> 0.0)
      pry (>= 0.9.12)
      shellany (~> 0.0)
      thor (>= 0.18.1)
    guard-compat (1.2.1)
    guard-livereload (2.5.2)
      em-websocket (~> 0.5)
      guard (~> 2.8)
      guard-compat (~> 1.0)
      multi_json (~> 1.8)
    html-pipeline (2.5.0)
      activesupport (>= 2)
      nokogiri (>= 1.4)
    html-proofer (3.4.0)
      activesupport (>= 4.2, < 6.0)
      addressable (~> 2.3)
      colored (~> 1.2)
      mercenary (~> 0.3.2)
      nokogiri (~> 1.5)
      parallel (~> 1.3)
      typhoeus (~> 0.7)
      yell (~> 2.0)
    http_parser.rb (0.6.0)
    i18n (0.7.0)
    jekyll (3.3.1)
      addressable (~> 2.4)
      colorator (~> 1.0)
      jekyll-sass-converter (~> 1.0)
      jekyll-watch (~> 1.1)
      kramdown (~> 1.3)
      liquid (~> 3.0)
      mercenary (~> 0.3.3)
      pathutil (~> 0.9)
      rouge (~> 1.7)
      safe_yaml (~> 1.0)
    jekyll-avatar (0.4.2)
      jekyll (~> 3.0)
    jekyll-coffeescript (1.0.1)
      coffee-script (~> 2.2)
    jekyll-default-layout (0.1.4)
      jekyll (~> 3.0)
    jekyll-feed (0.8.0)
      jekyll (~> 3.3)
    jekyll-gist (1.4.0)
      octokit (~> 4.2)
    jekyll-github-metadata (2.3.1)
      jekyll (~> 3.1)
      octokit (~> 4.0, != 4.4.0)
    jekyll-mentions (1.2.0)
      activesupport (~> 4.0)
      html-pipeline (~> 2.3)
      jekyll (~> 3.0)
    jekyll-optional-front-matter (0.1.2)
      jekyll (~> 3.0)
    jekyll-paginate (1.1.0)
    jekyll-readme-index (0.0.3)
      jekyll (~> 3.0)
    jekyll-redirect-from (0.11.0)
      jekyll (>= 2.0)
    jekyll-relative-links (0.2.1)
      jekyll (~> 3.3)
    jekyll-sass-converter (1.5.0)
      sass (~> 3.4)
    jekyll-seo-tag (2.1.0)
      jekyll (~> 3.3)
    jekyll-sitemap (0.12.0)
      jekyll (~> 3.3)
    jekyll-swiss (0.4.0)
    jekyll-theme-architect (0.0.3)
      jekyll (~> 3.3)
    jekyll-theme-cayman (0.0.3)
      jekyll (~> 3.3)
    jekyll-theme-dinky (0.0.3)
      jekyll (~> 3.3)
    jekyll-theme-hacker (0.0.3)
      jekyll (~> 3.3)
    jekyll-theme-leap-day (0.0.3)
      jekyll (~> 3.3)
    jekyll-theme-merlot (0.0.3)
      jekyll (~> 3.3)
    jekyll-theme-midnight (0.0.3)
      jekyll (~> 3.3)
    jekyll-theme-minimal (0.0.3)
      jekyll (~> 3.3)
    jekyll-theme-modernist (0.0.3)
      jekyll (~> 3.3)
    jekyll-theme-primer (0.1.7)
      jekyll (~> 3.3)
    jekyll-theme-slate (0.0.3)
      jekyll (~> 3.3)
    jekyll-theme-tactile (0.0.3)
      jekyll (~> 3.3)
    jekyll-theme-time-machine (0.0.3)
      jekyll (~> 3.3)
    jekyll-titles-from-headings (0.1.4)
      jekyll (~> 3.3)
    jekyll-watch (1.5.0)
      listen (~> 3.0, < 3.1)
    jemoji (0.7.0)
      activesupport (~> 4.0)
      gemoji (~> 2.0)
      html-pipeline (~> 2.2)
      jekyll (>= 3.0)
    json (1.8.6)
    kramdown (1.11.1)
    liquid (3.0.6)
    listen (3.0.6)
      rb-fsevent (>= 0.9.3)
      rb-inotify (>= 0.9.7)
    lumberjack (1.0.11)
    mercenary (0.3.6)
    method_source (0.8.2)
    mini_portile2 (2.1.0)
    minima (2.0.0)
    minitest (5.10.1)
    multi_json (1.12.1)
    multipart-post (2.0.0)
    nenv (0.3.0)
    net-dns (0.8.0)
    nokogiri (1.6.8.1)
      mini_portile2 (~> 2.1.0)
    notiffany (0.1.1)
      nenv (~> 0.1)
      shellany (~> 0.0)
    octokit (4.6.2)
      sawyer (~> 0.8.0, >= 0.5.3)
    parallel (1.10.0)
    pathutil (0.14.0)
      forwardable-extended (~> 2.6)
    pry (0.10.4)
      coderay (~> 1.1.0)
      method_source (~> 0.8.1)
      slop (~> 3.4)
    public_suffix (2.0.5)
    rake (12.0.0)
    rb-fsevent (0.9.8)
    rb-inotify (0.9.7)
      ffi (>= 0.5.0)
    rouge (1.11.1)
    safe_yaml (1.0.4)
    sass (3.4.23)
    sawyer (0.8.1)
      addressable (>= 2.3.5, < 2.6)
      faraday (~> 0.8, < 1.0)
    shellany (0.0.1)
    slop (3.6.0)
    terminal-table (1.7.3)
      unicode-display_width (~> 1.1.1)
    thor (0.19.4)
    thread_safe (0.3.5)
    typhoeus (0.8.0)
      ethon (>= 0.8.0)
    tzinfo (1.2.2)
      thread_safe (~> 0.1)
    unicode-display_width (1.1.3)
    yell (2.0.7)

PLATFORMS
  ruby

DEPENDENCIES
  github-pages (= 117)
  guard
  guard-livereload
  html-proofer
  json
  rake

BUNDLED WITH
   1.14.3
